PATH
  remote: .
  specs:
    slippy_tiles_scorer (0.0.4)
      set (~> 1.1)

GEM
  remote: https://rubygems.org/
  specs:
    ast (2.4.2)
    benchmark (0.4.0)
    docile (1.4.1)
    json (2.8.2)
    json (2.8.2-java)
    language_server-protocol (3.17.0.3)
    parallel (1.26.3)
    parser (3.3.6.0)
      ast (~> 2.4.1)
      racc
    power_assert (2.0.4)
    racc (1.8.1)
    racc (1.8.1-java)
    rainbow (3.1.1)
    rake (13.2.1)
    regexp_parser (2.9.2)
    repo-small-badge (0.2.10)
      victor (~> 0.3.0)
    rubocop (1.69.0)
      json (~> 2.3)
      language_server-protocol (>= 3.17.0)
      parallel (~> 1.10)
      parser (>= 3.3.0.2)
      rainbow (>= 2.2.2, < 4.0)
      regexp_parser (>= 2.4, < 3.0)
      rubocop-ast (>= 1.36.1, < 2.0)
      ruby-progressbar (~> 1.7)
      unicode-display_width (>= 2.4.0, < 4.0)
    rubocop-ast (1.36.1)
      parser (>= 3.3.1.0)
    rubocop-performance (1.23.0)
      rubocop (>= 1.48.1, < 2.0)
      rubocop-ast (>= 1.31.1, < 2.0)
    rubocop-rake (0.6.0)
      rubocop (~> 1.0)
    ruby-progressbar (1.13.0)
    set (1.1.0)
    simplecov (0.22.0)
      docile (~> 1.1)
      simplecov-html (~> 0.11)
      simplecov_json_formatter (~> 0.1)
    simplecov-html (0.13.1)
    simplecov-small-badge (0.2.7)
      repo-small-badge (~> 0.2.10)
      simplecov (~> 0.18)
    simplecov_json_formatter (0.1.4)
    test-unit (3.6.3)
      power_assert
    unicode-display_width (3.1.2)
      unicode-emoji (~> 4.0, >= 4.0.4)
    unicode-emoji (4.0.4)
    victor (0.3.4)

PLATFORMS
  arm64-darwin-24
  ruby
  universal-java-11
  universal-java-17
  x86_64-linux

DEPENDENCIES
  benchmark (~> 0.4.0)
  json (~> 2.8)
  rake (~> 13.2)
  rubocop (~> 1.69)
  rubocop-performance (~> 1.23)
  rubocop-rake (~> 0.6.0)
  simplecov (~> 0.22.0)
  simplecov-small-badge (= 0.2.7)
  slippy_tiles_scorer!
  test-unit (~> 3.6)

BUNDLED WITH
   2.5.22
